GEM
  remote: http://rubygems.org/
  specs:
    activemodel (3.0.3)
      activesupport (= 3.0.3)
      builder (~> 2.1.2)
      i18n (~> 0.4)
    activerecord (3.0.3)
      activemodel (= 3.0.3)
      activesupport (= 3.0.3)
      arel (~> 2.0.2)
      tzinfo (~> 0.3.23)
    activesupport (3.0.3)
    arel (2.0.4)
    builder (2.1.2)
    diff-lcs (1.1.2)
    i18n (0.4.2)
    rspec (2.0.1)
      rspec-core (~> 2.0.1)
      rspec-expectations (~> 2.0.1)
      rspec-mocks (~> 2.0.1)
    rspec-core (2.0.1)
    rspec-expectations (2.0.1)
      diff-lcs (>= 1.1.2)
    rspec-mocks (2.0.1)
      rspec-core (~> 2.0.1)
      rspec-expectations (~> 2.0.1)
    steak (1.0.0)
      rspec
    tzinfo (0.3.23)

PLATFORMS
  ruby

DEPENDENCIES
  activerecord (~> 3.0.0)
  rspec (~> 2.0.0)
  steak (~> 1.0.0)
